GEM
  remote: https://rubygems.org/
  specs:
    rack (1.5.2)
    rack-protection (1.5.0)
      rack
    rest-graph (2.0.3)
    sinatra (1.4.2)
      rack (~> 1.5, >= 1.5.2)
      rack-protection (~> 1.4)
      tilt (~> 1.3, >= 1.3.4)
    tilt (1.4.1)

PLATFORMS
  ruby
  x86-mingw32

DEPENDENCIES
  rest-graph
  sinatra

BUNDLED WITH
   1.14.6
