GEM
  remote: https://rubygems.org/
  specs:
    addressable (2.5.1)
      public_suffix (~> 2.0, >= 2.0.2)
    domain_name (0.5.20170404)
      unf (>= 0.0.5, < 1.0.0)
    faraday (0.12.2)
      multipart-post (>= 1.2, < 3)
    ffi (1.9.18-x86-mingw32)
    http-cookie (1.0.3)
      domain_name (~> 0.5)
    json (2.1.0)
    json (2.1.0-java)
    koala (3.0.0)
      addressable
      faraday
      json (>= 1.8)
    mime-types (3.1)
      mime-types-data (~> 3.2015)
    mime-types-data (3.2016.0521)
    multipart-post (2.0.0)
    netrc (0.11.0)
    public_suffix (2.0.5)
    rack (1.5.2)
    rack-protection (1.5.0)
      rack
    rest-client (2.0.2)
      http-cookie (>= 1.0.2, < 2.0)
      mime-types (>= 1.16, < 4.0)
      netrc (~> 0.8)
    rest-client (2.0.2-x86-mingw32)
      ffi (~> 1.9)
      http-cookie (>= 1.0.2, < 2.0)
      mime-types (>= 1.16, < 4.0)
      netrc (~> 0.8)
    rest-graph (2.0.3)
    sinatra (1.4.2)
      rack (~> 1.5, >= 1.5.2)
      rack-protection (~> 1.4)
      tilt (~> 1.3, >= 1.3.4)
    tilt (1.4.1)
    unf (0.1.4)
      unf_ext
    unf (0.1.4-java)
    unf_ext (0.0.7.3)
    unf_ext (0.0.7.3-x86-mingw32)

PLATFORMS
  java
  ruby
  x86-mingw32

DEPENDENCIES
  koala
  rest-client
  rest-graph
  sinatra

BUNDLED WITH
   1.15.1
